GIT
  remote: https://github.com/hanazuki/rake-portile.git
  revision: f5cba80a768bd7c7b414f7e8d96694012864aa23
  specs:
    rake-portile (0.0.0)
      mini_portile2
      rake

GEM
  remote: https://rubygems.org/
  specs:
    mini_portile2 (2.5.0)
    rake (13.0.1)

PLATFORMS
  ruby

DEPENDENCIES
  rake
  rake-portile!

BUNDLED WITH
   2.1.4
