GIT
  remote: https://github.com/hanazuki/rake-portile.git
  revision: 13683ebc8da9500a0b5d495f1da9b343c9aaaf35
  specs:
    rake-portile (0.0.0)
      mini_portile2
      rake

GEM
  remote: https://rubygems.org/
  specs:
    mini_portile2 (2.5.0)
    rake (13.0.1)

PLATFORMS
  ruby

DEPENDENCIES
  rake
  rake-portile!

BUNDLED WITH
   2.1.4
